NUGET
  remote: https://nuget.org/api/v2
  specs:
    FAKE (3.14.4)
    FSharp.Compiler.Service (0.0.82)
    FSharp.Formatting (2.6.2)
      FSharp.Compiler.Service (>= 0.0.81)
    FsReveal (0.3.1)
      FSharp.Formatting (>= 2.6.0)
