NUGET
  remote: https://nuget.org/api/v2
  specs:
    Aether (5.1)
    FAKE (3.14.4)
    Fleece (0.4.0)
      FSharpPlus (>= 0.0.4)
      ReadOnlyCollectionExtensions (>= 1.2.0)
      ReadOnlyCollectionInterfaces (1.0.0)
      System.Json (>= 4.0.20126.16343)
    FParsec (1.0.1)
    Freya.Core (0.9.0-alpha-46)
      Aether (>= 5.0.0)
      FSharp.Core (>= 3.1.2)
    Freya.Machine (0.9.0-alpha-46)
      Aether (>= 5.0.0)
      FSharp.Core (>= 3.1.2)
      Fleece (>= 0.4.0)
      Freya.Core (>= 0.9.0-alpha-46)
      Freya.Pipeline (>= 0.9.0-alpha-46)
      Freya.Recorder (>= 0.9.0-alpha-46)
      Freya.Types.Cors (>= 0.9.0-alpha-46)
      Freya.Types.Http (>= 0.9.0-alpha-46)
      Freya.Types.Language (>= 0.9.0-alpha-46)
      Freya.Types.Uri (>= 0.9.0-alpha-46)
    Freya.Machine.Router (0.9.0-alpha-46)
      FSharp.Core (>= 3.1.2)
      Freya.Core (>= 0.9.0-alpha-46)
      Freya.Machine (>= 0.9.0-alpha-46)
      Freya.Pipeline (>= 0.9.0-alpha-46)
      Freya.Types.Http (>= 0.9.0-alpha-46)
    Freya.Pipeline (0.9.0-alpha-46)
      FSharp.Core (>= 3.1.2)
      Freya.Core (>= 0.9.0-alpha-46)
    Freya.Recorder (0.9.0-alpha-46)
      Aether (>= 5.0.0)
      FSharp.Core (>= 3.1.2)
      Fleece (>= 0.4.0)
      Freya.Core (>= 0.9.0-alpha-46)
    Freya.Router (0.9.0-alpha-46)
      Aether (>= 5.0.0)
      FSharp.Core (>= 3.1.2)
      Fleece (>= 0.4.0)
      Freya.Core (>= 0.9.0-alpha-46)
      Freya.Pipeline (>= 0.9.0-alpha-46)
      Freya.Recorder (>= 0.9.0-alpha-46)
      Freya.Types.Http (>= 0.9.0-alpha-46)
    Freya.Types (0.9.0-alpha-46)
      FParsec (>= 1.0.1)
      FSharp.Core (>= 3.1.2)
    Freya.Types.Cors (0.9.0-alpha-46)
      Aether (>= 5.0.0)
      FParsec (>= 1.0.1)
      FSharp.Core (>= 3.1.2)
      Freya.Types (>= 0.9.0-alpha-46)
      Freya.Types.Http (>= 0.9.0-alpha-46)
      Freya.Types.Uri (>= 0.9.0-alpha-46)
    Freya.Types.Http (0.9.0-alpha-46)
      Aether (>= 5.0.0)
      FParsec (>= 1.0.1)
      FSharp.Core (>= 3.1.2)
      Freya.Core (>= 0.9.0-alpha-46)
      Freya.Types (>= 0.9.0-alpha-46)
      Freya.Types.Language (>= 0.9.0-alpha-46)
      Freya.Types.Uri (>= 0.9.0-alpha-46)
    Freya.Types.Language (0.9.0-alpha-46)
      FParsec (>= 1.0.1)
      FSharp.Core (>= 3.1.2)
      Freya.Types (>= 0.9.0-alpha-46)
    Freya.Types.Uri (0.9.0-alpha-46)
      FParsec (>= 1.0.1)
      FSharp.Core (>= 3.1.2)
      Freya.Types (>= 0.9.0-alpha-46)
    FsControl (1.0.9)
    FSharp.Compiler.Service (0.0.82)
    FSharp.Core (3.1.2.1)
    FSharp.Formatting (2.6.2)
      FSharp.Compiler.Service (>= 0.0.81)
    FSharpPlus (0.0.4)
      FsControl (>= 1.0.9)
    FsReveal (0.3.1)
      FSharp.Formatting (>= 2.6.0)
    LinqBridge (1.3.0) - >= net20 < net35
    ReadOnlyCollectionExtensions (1.2.0)
      LinqBridge (>= 1.3.0) - >= net20 < net35
      ReadOnlyCollectionInterfaces (1.0.0) - net20, >= net35, >= net40
    ReadOnlyCollectionInterfaces (1.0.0)
    System.Json (4.0.20126.16343)
    Unquote (2.2.2)
